GEM
  remote: http://rubygems.org/
  specs:
    abstract (1.0.0)
    actionmailer (3.0.7)
      actionpack (= 3.0.7)
      mail (~> 2.2.15)
    actionpack (3.0.7)
      activemodel (= 3.0.7)
      activesupport (= 3.0.7)
      builder (~> 2.1.2)
      erubis (~> 2.6.6)
      i18n (~> 0.5.0)
      rack (~> 1.2.1)
      rack-mount (~> 0.6.14)
      rack-test (~> 0.5.7)
      tzinfo (~> 0.3.23)
    activemodel (3.0.7)
      activesupport (= 3.0.7)
      builder (~> 2.1.2)
      i18n (~> 0.5.0)
    activerecord (3.0.7)
      activemodel (= 3.0.7)
      activesupport (= 3.0.7)
      arel (~> 2.0.2)
      tzinfo (~> 0.3.23)
    activeresource (3.0.7)
      activemodel (= 3.0.7)
      activesupport (= 3.0.7)
    activesupport (3.0.7)
    addressable (2.2.6)
    arel (2.0.10)
    attr_required (0.0.3)
    builder (2.1.2)
    erubis (2.6.6)
      abstract (>= 1.0.0)
    faraday (0.7.4)
      addressable (~> 2.2.6)
      multipart-post (~> 1.1.0)
      rack (>= 1.1.0, < 2)
    fb_graph (1.9.4)
      httpclient (>= 2.2.0.2)
      rack-oauth2 (>= 0.8.0)
    httpclient (2.2.1)
    i18n (0.5.0)
    jquery-rails (1.0.9)
      railties (~> 3.0)
      thor (~> 0.14)
    json (1.5.3)
    mail (2.2.19)
      activesupport (>= 2.3.6)
      i18n (>= 0.4.0)
      mime-types (~> 1.16)
      treetop (~> 1.4.8)
    mime-types (1.16)
    mocha (0.9.12)
    multi_json (1.0.3)
    multipart-post (1.1.3)
    nifty-generators (0.4.6)
    nokogiri (1.5.0)
    oa-core (0.0.5)
      rack (~> 1.1)
    oa-oauth (0.0.1)
      json
      nokogiri
      oa-core (~> 0.0.0)
      oauth
      oauth2
    oauth (0.4.5)
    oauth2 (0.5.0)
      faraday (>= 0.6.1, < 0.8)
      multi_json (~> 1.0.0)
    polyglot (0.3.1)
    rack (1.2.3)
    rack-mount (0.6.14)
      rack (>= 1.0.0)
    rack-oauth2 (0.8.4)
      activesupport (>= 2.3)
      attr_required (>= 0.0.3)
      httpclient (>= 2.2.0.2)
      i18n
      json (>= 1.4.3)
      rack (>= 1.1)
    rack-test (0.5.7)
      rack (>= 1.0)
    rails (3.0.7)
      actionmailer (= 3.0.7)
      actionpack (= 3.0.7)
      activerecord (= 3.0.7)
      activeresource (= 3.0.7)
      activesupport (= 3.0.7)
      bundler (~> 1.0)
      railties (= 3.0.7)
    railties (3.0.7)
      actionpack (= 3.0.7)
      activesupport (= 3.0.7)
      rake (>= 0.8.7)
      thor (~> 0.14.4)
    rake (0.9.2)
    sqlite3 (1.3.3)
    thor (0.14.6)
    treetop (1.4.9)
      polyglot (>= 0.3.1)
    tzinfo (0.3.29)

PLATFORMS
  ruby

DEPENDENCIES
  fb_graph
  jquery-rails
  mocha
  nifty-generators
  nokogiri (= 1.5.0)
  oa-oauth
  rails (= 3.0.7)
  sqlite3
